GIT
  remote: git://github.com/technicalpickles/jeweler.git
  revision: b996854
  specs:
    jeweler (1.4.0)
      bundler (>= 0.9.5)
      gemcutter (>= 0.1.0)
      git (>= 1.2.5)
      rake

GEM
  remote: http://rubygems.org/
  specs:
    activesupport (3.0.0.rc)
    addressable (2.2.0)
    data_objects (0.10.2)
      addressable (~> 2.1)
    dm-core (1.0.0)
      addressable (~> 2.1)
      extlib (~> 0.9.15)
    dm-do-adapter (1.0.0)
      data_objects (~> 0.10.1)
      dm-core (~> 1.0.0)
    dm-migrations (1.0.0)
      dm-core (~> 1.0.0)
    dm-sqlite-adapter (1.0.0)
      dm-do-adapter (~> 1.0.0)
      do_sqlite3 (~> 0.10.2)
    do_sqlite3 (0.10.2)
      data_objects (= 0.10.2)
    extlib (0.9.15)
    gemcutter (0.6.1)
    git (1.2.5)
    rake (0.8.7)
    rdiscount (1.6.5)
    rspec (1.3.0)
    yard (0.5.8)

PLATFORMS
  ruby

DEPENDENCIES
  activesupport (~> 3.0.0.beta3)
  data_objects (~> 0.10.2)
  dm-core (~> 1.0.0)
  dm-do-adapter (~> 1.0.0)
  dm-migrations (~> 1.0.0)
  dm-sqlite-adapter (~> 1.0.0)
  do_sqlite3 (~> 0.10.2)
  jeweler (~> 1.4.0)!
  rake (~> 0.8.7)
  rdiscount (~> 1.6.3)
  rspec (~> 1.3.0)
  yard (~> 0.5.3)
